GEM
  remote: http://rubygems.org/
  specs:
    coderay (1.0.7)
    method_source (0.8)
    parseconfig (1.0.2)
    pry (0.9.10)
      coderay (~> 1.0.5)
      method_source (~> 0.8)
      slop (~> 3.3.1)
    slop (3.3.2)
    tlsmail (0.0.1)

PLATFORMS
  ruby

DEPENDENCIES
  parseconfig
  pry
  tlsmail
