GEM
  remote: http://rubygems.org/
  specs:
    parseconfig (1.0.2)
    tlsmail (0.0.1)

PLATFORMS
  ruby

DEPENDENCIES
  parseconfig
  tlsmail
